GIT
  remote: https://github.com/markdownlint/markdownlint.git
  revision: 24cec37645e4b23014c44b1031ff42a0f1fb0266
  specs:
    mdl (0.4.0)
      kramdown (~> 1.12, >= 1.12.0)
      mixlib-cli (~> 1.7, >= 1.7.0)
      mixlib-config (~> 2.2, >= 2.2.1)

GEM
  remote: https://rubygems.org/
  specs:
    kramdown (1.14.0)
    mixlib-cli (1.7.0)
    mixlib-config (2.2.4)

PLATFORMS
  ruby

DEPENDENCIES
  mdl!

BUNDLED WITH
   1.15.1
